GEM
  remote: http://rubygems.org/
  specs:
    activemodel (3.2.12)
      activesupport (= 3.2.12)
      builder (~> 3.0.0)
    activerecord (3.2.12)
      activemodel (= 3.2.12)
      activesupport (= 3.2.12)
      arel (~> 3.0.2)
      tzinfo (~> 0.3.29)
    activesupport (3.2.12)
      i18n (~> 0.6)
      multi_json (~> 1.0)
    arel (3.0.2)
    builder (3.0.4)
    celluloid (0.15.1)
      timers (~> 1.1.0)
    connection_pool (1.1.0)
    daemons (1.1.9)
    diff-lcs (1.1.3)
    eventmachine (1.0.0)
    faker (1.1.2)
      i18n (~> 0.5)
    faraday (0.8.6)
      multipart-post (~> 1.1)
    i18n (0.6.1)
    json (1.8.0)
    multi_json (1.6.1)
    multipart-post (1.2.0)
    oauth (0.4.7)
    pg (0.14.1)
    rack (1.5.2)
    rack-protection (1.3.2)
      rack
    rake (10.0.3)
    redis (3.0.4)
    redis-namespace (1.3.1)
      redis (~> 3.0.0)
    rspec (2.12.0)
      rspec-core (~> 2.12.0)
      rspec-expectations (~> 2.12.0)
      rspec-mocks (~> 2.12.0)
    rspec-core (2.12.2)
    rspec-expectations (2.12.1)
      diff-lcs (~> 1.1.3)
    rspec-mocks (2.12.2)
    shotgun (0.9)
      rack (>= 1.0)
    sidekiq (2.14.0)
      celluloid (>= 0.14.1)
      connection_pool (>= 1.0.0)
      json
      redis (>= 3.0.4)
      redis-namespace
    simple_oauth (0.2.0)
    sinatra (1.3.4)
      rack (~> 1.4)
      rack-protection (~> 1.3)
      tilt (~> 1.3, >= 1.3.3)
    thin (1.5.0)
      daemons (>= 1.0.9)
      eventmachine (>= 0.12.6)
      rack (>= 1.0.0)
    tilt (1.3.3)
    timers (1.1.0)
    twitter (4.5.0)
      faraday (~> 0.8, < 0.10)
      multi_json (~> 1.0)
      simple_oauth (~> 0.2)
    tzinfo (0.3.35)

PLATFORMS
  ruby

DEPENDENCIES
  activerecord
  activesupport
  faker
  oauth
  pg
  rake
  redis
  rspec
  shotgun
  sidekiq
  sinatra
  thin
  twitter
